GEM
  remote: https://rubygems.org/
  specs:
    pulsar-client (2.6.1.pre.beta.2)
      rake-compiler (~> 1.0)
      rice (~> 2.1)
    rake (13.0.3)
    rake-compiler (1.1.1)
      rake
    rice (2.2.0)

PLATFORMS
  aarch64-linux
  ruby
  x86_64-linux

DEPENDENCIES
  pulsar-client (= 2.6.1.pre.beta.2)
  rake

BUNDLED WITH
   2.1.4
